GEM
  remote: https://rubygems.org/
  specs:
    crass (1.0.6)
    lunox (1.0.0)
    nokogiri (1.13.9-x86_64-darwin)
      racc (~> 1.4)
    nokogumbo (1.5.0)
      nokogiri
    racc (1.6.0)
    sanitize (4.6.6)
      crass (~> 1.0.2)
      nokogiri (>= 1.4.4)
      nokogumbo (~> 1.4)

PLATFORMS
  x86_64-darwin-21
  x86_64-darwin-22

DEPENDENCIES
  lunox (~> 1.0.0)
  sanitize (~> 4.0, >= 4.0.1)

RUBY VERSION
   ruby 3.1.2p20

BUNDLED WITH
   2.3.25
