GEM
  remote: https://rubygems.org/
  specs:
    lunox (0.1.0)

PLATFORMS
  x86_64-darwin-21

DEPENDENCIES
  lunox (~> 0.1.0)

BUNDLED WITH
   2.3.24
