GEM
  remote: https://rubygems.org/
  specs:
    lunox (1.0.0)

PLATFORMS
  x86_64-darwin-21

DEPENDENCIES
  lunox (~> 1.0.0)

BUNDLED WITH
   2.3.24
